{
  "aor": 0.00026849264705882357,
  "aqi": 0.025009875441176475,
  "bids_meta": {
    "AcquisitionMatrixPE": 64,
    "AcquisitionNumber": 1,
    "AcquisitionTime": "13:27:10.402500",
    "BandwidthPerPixelPhaseEncode": 60.096,
    "BodyPartExamined": "BRAIN",
    "CogAtlasID": "https://cognitiveatlas.org/task/id/trm_4c898f8f297ac/",
    "CoilString": "HeadNeck_MRPET",
    "ConversionSoftware": "dcm2niix",
    "ConversionSoftwareVersion": "v1.0.20190410  GCC6.3.0",
    "DerivedVendorReportedEchoSpacing": 0.000520001,
    "DeviceSerialNumber": "51066",
    "EchoTime": 0.03,
    "EchoTrainLength": 31,
    "EffectiveEchoSpacing": 0.000260001,
    "FlipAngle": 90,
    "ImageOrientationPatientDICOM": [
      0.999999,
      7.70489e-05,
      0.00157754,
      2.74107e-08,
      0.998809,
      -0.0488004
    ],
    "ImageType": [
      "ORIGINAL",
      "PRIMARY",
      "M",
      "ND",
      "NORM",
      "MOSAIC"
    ],
    "ImagingFrequency": 123.239,
    "InPlanePhaseEncodingDirectionDICOM": "COL",
    "InstitutionAddress": "Blackburn_Road_770_Clayton_Victoria_AU_3168",
    "InstitutionName": "MONASH_BIOMEDICAL_IMAGING",
    "MRAcquisitionType": "2D",
    "MagneticFieldStrength": 3,
    "Manufacturer": "Siemens",
    "ManufacturersModelName": "Biograph_mMR",
    "Modality": "MR",
    "ParallelReductionFactorInPlane": 2,
    "PartialFourier": 0.96875,
    "PatientPosition": "HFS",
    "PercentPhaseFOV": 100,
    "PhaseEncodingDirection": "j-",
    "PixelBandwidth": 2300,
    "ProcedureStepDescription": "MR-PET_Scan",
    "ProtocolName": "Head_A-P_Full_checker_ep2D_task_bold_32-32",
    "ReceiveCoilActiveElements": "HEA;HEP",
    "ReconMatrixPE": 64,
    "RepetitionTime": 4,
    "ScanOptions": "FS",
    "ScanningSequence": "EP",
    "SequenceVariant": "SK",
    "SeriesDescription": "Head_A-P_Full_checker_ep2D_task_bold_32-32",
    "SeriesNumber": 18,
    "SliceThickness": 3,
    "SliceTiming": [
      0.00199,
      0.00199,
      0.00199,
      0.00199,
      0.00199,
      0.00199,
      0.00199,
      0.00199,
      0.00199,
      0.00199,
      0.00199,
      0.00199,
      0.00199,
      0.00199,
      0.00199,
      0.00199,
      0.00199,
      0.00199,
      0.00199,
      0.00199,
      0.00199,
      0.00199,
      0.00199,
      0.00199,
      0.00199,
      0.00199,
      0.00199,
      0.00199,
      0.00199,
      0.00199,
      0.00199,
      0.00199,
      0.00199,
      0.00199,
      0.00199,
      0.00199,
      0.00199,
      0.00199,
      0.00199,
      0.00199,
      0.00199,
      0.00199,
      0.00199,
      0.00199
    ],
    "SoftwareVersions": "syngo_MR_E11",
    "SpacingBetweenSlices": 3,
    "StationName": "MRC51066",
    "TaskName": "checkerboard",
    "TotalReadoutTime": 0.01638,
    "dataset": "ds003397",
    "modality": "bold",
    "run_id": 1,
    "subject_id": "15",
    "task_id": "checkerboard"
  },
  "dummy_trs": 0,
  "dvars_nstd": 32.607505228454734,
  "dvars_std": 1.1153848749668875,
  "dvars_vstd": 0.9436616974466523,
  "efc": 0.5736525782457679,
  "fber": 1063.3116455078125,
  "fd_mean": 0.08824488750862866,
  "fd_num": 88,
  "fd_perc": 6.470588235294118,
  "fwhm_avg": 1.7111956374269006,
  "fwhm_x": 1.5849633684210525,
  "fwhm_y": 1.875540210526316,
  "fwhm_z": 1.6730833333333335,
  "gcor": 0.0107267,
  "gsr_x": -0.014648187905550003,
  "gsr_y": 0.03657011315226555,
  "provenance": {
    "md5sum": "916e41f4f9ee2761c67bdf979962ceb7",
    "settings": {
      "fd_thres": 0.2,
      "testing": false
    },
    "software": "mriqc",
    "version": "22.0.6",
    "webapi_port": null,
    "webapi_url": "https://mriqc.nimh.nih.gov/api/v1"
  },
  "size_t": 1360,
  "size_x": 64,
  "size_y": 64,
  "size_z": 44,
  "snr": 6.161567517079833,
  "spacing_tr": 4.0,
  "spacing_x": 2.96875,
  "spacing_y": 2.96875,
  "spacing_z": 3.0,
  "summary_bg_k": 23.29005320478299,
  "summary_bg_mad": 13.131931519899727,
  "summary_bg_mean": 42.896240234375,
  "summary_bg_median": 21.74117660522461,
  "summary_bg_n": 99841.0,
  "summary_bg_p05": 9.728676795959473,
  "summary_bg_p95": 154.08970642089844,
  "summary_bg_stdv": 62.951026916503906,
  "summary_fg_k": 2.6983833171737572,
  "summary_fg_mad": 110.43857232365468,
  "summary_fg_mean": 729.22998046875,
  "summary_fg_median": 720.5404663085938,
  "summary_fg_n": 41765.0,
  "summary_fg_p05": 563.7041259765625,
  "summary_fg_p95": 913.0754638671873,
  "summary_fg_stdv": 116.939697265625,
  "tsnr": 36.47936474339804
}