{
  "aor": 0.002095323529411765,
  "aqi": 0.02348221041176471,
  "bids_meta": {
    "AcquisitionMatrixPE": 64,
    "AcquisitionNumber": 1,
    "AcquisitionTime": "12:59:26.357500",
    "BandwidthPerPixelPhaseEncode": 60.096,
    "BodyPartExamined": "BRAIN",
    "CogAtlasID": "https://cognitiveatlas.org/task/id/trm_4c898f8f297ac/",
    "CoilString": "HeadNeck_MRPET",
    "ConversionSoftware": "dcm2niix",
    "ConversionSoftwareVersion": "v1.0.20190410  GCC6.3.0",
    "DerivedVendorReportedEchoSpacing": 0.000520001,
    "DeviceSerialNumber": "51066",
    "EchoTime": 0.03,
    "EchoTrainLength": 31,
    "EffectiveEchoSpacing": 0.000260001,
    "FlipAngle": 90,
    "ImageOrientationPatientDICOM": [
      0.999936,
      -0.00160349,
      -0.0111626,
      4.14974e-08,
      0.98984,
      -0.142186
    ],
    "ImageType": [
      "ORIGINAL",
      "PRIMARY",
      "M",
      "ND",
      "NORM",
      "MOSAIC"
    ],
    "ImagingFrequency": 123.239,
    "InPlanePhaseEncodingDirectionDICOM": "COL",
    "InstitutionAddress": "Blackburn_Road_770_Clayton_Victoria_AU_3168",
    "InstitutionName": "Monash_Biomedical_Imaging",
    "MRAcquisitionType": "2D",
    "MagneticFieldStrength": 3,
    "Manufacturer": "Siemens",
    "ManufacturersModelName": "Biograph_mMR",
    "Modality": "MR",
    "ParallelReductionFactorInPlane": 2,
    "PartialFourier": 0.96875,
    "PatientPosition": "HFS",
    "PercentPhaseFOV": 100,
    "PhaseEncodingDirection": "j-",
    "PixelBandwidth": 2300,
    "ProcedureStepDescription": "MR-PET_Scan",
    "ProtocolName": "Head_A-P_Full_checker_ep2D_task_bold_32-32",
    "ReceiveCoilActiveElements": "HEA;HEP",
    "ReconMatrixPE": 64,
    "RepetitionTime": 4,
    "ScanOptions": "FS",
    "ScanningSequence": "EP",
    "SequenceVariant": "SK",
    "SeriesDescription": "Head_A-P_Full_checker_ep2D_task_bold_32-32",
    "SeriesNumber": 18,
    "SliceThickness": 3,
    "SliceTiming": [
      0.00199,
      0.00199,
      0.00199,
      0.00199,
      0.00199,
      0.00199,
      0.00199,
      0.00199,
      0.00199,
      0.00199,
      0.00199,
      0.00199,
      0.00199,
      0.00199,
      0.00199,
      0.00199,
      0.00199,
      0.00199,
      0.00199,
      0.00199,
      0.00199,
      0.00199,
      0.00199,
      0.00199,
      0.00199,
      0.00199,
      0.00199,
      0.00199,
      0.00199,
      0.00199,
      0.00199,
      0.00199,
      0.00199,
      0.00199,
      0.00199,
      0.00199,
      0.00199,
      0.00199,
      0.00199,
      0.00199,
      0.00199,
      0.00199,
      0.00199,
      0.00199
    ],
    "SoftwareVersions": "syngo_MR_E11",
    "SpacingBetweenSlices": 3,
    "StationName": "MRC51066",
    "TaskName": "checkerboard",
    "TotalReadoutTime": 0.01638,
    "dataset": "ds003397",
    "modality": "bold",
    "run_id": 1,
    "subject_id": "04",
    "task_id": "checkerboard"
  },
  "dummy_trs": 0,
  "dvars_nstd": 34.75742360849889,
  "dvars_std": 1.2365913693966155,
  "dvars_vstd": 1.0076958090360546,
  "efc": 0.5297115605317156,
  "fber": 1260.0235595703125,
  "fd_mean": 0.08918600452003722,
  "fd_num": 62,
  "fd_perc": 4.5588235294117645,
  "fwhm_avg": 1.647079859649123,
  "fwhm_x": 1.5845726315789475,
  "fwhm_y": 1.7469069473684211,
  "fwhm_z": 1.6097599999999999,
  "gcor": 0.0184068,
  "gsr_x": -0.0062253354117274284,
  "gsr_y": 0.02814725786447525,
  "provenance": {
    "md5sum": "2cbc8f9da02baa669e54c58ae74e9957",
    "settings": {
      "fd_thres": 0.2,
      "testing": false
    },
    "software": "mriqc",
    "version": "22.0.6",
    "webapi_port": null,
    "webapi_url": "https://mriqc.nimh.nih.gov/api/v1"
  },
  "size_t": 1360,
  "size_x": 64,
  "size_y": 64,
  "size_z": 44,
  "snr": 6.252561611950426,
  "spacing_tr": 4.0,
  "spacing_x": 2.96875,
  "spacing_y": 2.96875,
  "spacing_z": 3.0,
  "summary_bg_k": 68.92411345319292,
  "summary_bg_mad": 11.486895383331571,
  "summary_bg_mean": 38.24301528930664,
  "summary_bg_median": 20.41617774963379,
  "summary_bg_n": 108468.0,
  "summary_bg_p05": 8.973529815673828,
  "summary_bg_p95": 121.98974685668921,
  "summary_bg_stdv": 66.70858001708984,
  "summary_fg_k": 3.439271560942439,
  "summary_fg_mad": 110.51539906215024,
  "summary_fg_mean": 732.8722534179688,
  "summary_fg_median": 725.2669067382812,
  "summary_fg_n": 34386.0,
  "summary_fg_p05": 574.1768341064453,
  "summary_fg_p95": 914.6354827880859,
  "summary_fg_stdv": 115.99347686767578,
  "tsnr": 38.340501985978335
}