{
  "aor": 0.0002852867647058824,
  "aqi": 0.03073624794117647,
  "bids_meta": {
    "AcquisitionMatrixPE": 64,
    "AcquisitionNumber": 1,
    "AcquisitionTime": "15:17:16.440000",
    "BandwidthPerPixelPhaseEncode": 60.096,
    "BodyPartExamined": "BRAIN",
    "CogAtlasID": "https://cognitiveatlas.org/task/id/trm_4c898f8f297ac/",
    "CoilString": "HeadNeck_MRPET",
    "ConversionSoftware": "dcm2niix",
    "ConversionSoftwareVersion": "v1.0.20190410  GCC6.3.0",
    "DerivedVendorReportedEchoSpacing": 0.000520001,
    "DeviceSerialNumber": "51066",
    "EchoTime": 0.03,
    "EchoTrainLength": 31,
    "EffectiveEchoSpacing": 0.000260001,
    "FlipAngle": 90,
    "ImageOrientationPatientDICOM": [
      0.999997,
      0.000270168,
      0.00248807,
      -1.89676e-08,
      0.994157,
      -0.107943
    ],
    "ImageType": [
      "ORIGINAL",
      "PRIMARY",
      "M",
      "ND",
      "NORM",
      "MOSAIC"
    ],
    "ImagingFrequency": 123.239,
    "InPlanePhaseEncodingDirectionDICOM": "COL",
    "InstitutionAddress": "Blackburn_Road_770_Clayton_Victoria_AU_3168",
    "InstitutionName": "MONASH_BIOMEDICAL_IMAGING",
    "MRAcquisitionType": "2D",
    "MagneticFieldStrength": 3,
    "Manufacturer": "Siemens",
    "ManufacturersModelName": "Biograph_mMR",
    "Modality": "MR",
    "ParallelReductionFactorInPlane": 2,
    "PartialFourier": 0.96875,
    "PatientPosition": "HFS",
    "PercentPhaseFOV": 100,
    "PhaseEncodingDirection": "j-",
    "PixelBandwidth": 2300,
    "ProcedureStepDescription": "MR-PET_Scan",
    "ProtocolName": "Head_A-P_Full_checker_ep2D_task_bold_32-32",
    "ReceiveCoilActiveElements": "HEA;HEP",
    "ReconMatrixPE": 64,
    "RepetitionTime": 4,
    "ScanOptions": "FS",
    "ScanningSequence": "EP",
    "SequenceVariant": "SK",
    "SeriesDescription": "Head_A-P_Full_checker_ep2D_task_bold_32-32",
    "SeriesNumber": 20,
    "SliceThickness": 3,
    "SliceTiming": [
      0.00199,
      0.00199,
      0.00199,
      0.00199,
      0.00199,
      0.00199,
      0.00199,
      0.00199,
      0.00199,
      0.00199,
      0.00199,
      0.00199,
      0.00199,
      0.00199,
      0.00199,
      0.00199,
      0.00199,
      0.00199,
      0.00199,
      0.00199,
      0.00199,
      0.00199,
      0.00199,
      0.00199,
      0.00199,
      0.00199,
      0.00199,
      0.00199,
      0.00199,
      0.00199,
      0.00199,
      0.00199,
      0.00199,
      0.00199,
      0.00199,
      0.00199,
      0.00199,
      0.00199,
      0.00199,
      0.00199,
      0.00199,
      0.00199,
      0.00199,
      0.00199
    ],
    "SoftwareVersions": "syngo_MR_E11",
    "SpacingBetweenSlices": 3,
    "StationName": "MRC51066",
    "TaskName": "checkerboard",
    "TotalReadoutTime": 0.01638,
    "dataset": "ds003397",
    "modality": "bold",
    "run_id": 1,
    "subject_id": "02",
    "task_id": "checkerboard"
  },
  "dummy_trs": 0,
  "dvars_nstd": 37.72505942498897,
  "dvars_std": 1.033099317564386,
  "dvars_vstd": 0.9645179273877846,
  "efc": 0.5497101477838087,
  "fber": 790.1765747070312,
  "fd_mean": 0.13041886115636295,
  "fd_num": 217,
  "fd_perc": 15.955882352941176,
  "fwhm_avg": 1.7857488421052634,
  "fwhm_x": 1.6878989473684212,
  "fwhm_y": 1.9504875789473686,
  "fwhm_z": 1.71886,
  "gcor": 0.00673534,
  "gsr_x": 0.0017098438693210483,
  "gsr_y": 0.02390362322330475,
  "provenance": {
    "md5sum": "20470ad023d79f8516e00485be57ed65",
    "settings": {
      "fd_thres": 0.2,
      "testing": false
    },
    "software": "mriqc",
    "version": "22.0.6",
    "webapi_port": null,
    "webapi_url": "https://mriqc.nimh.nih.gov/api/v1"
  },
  "size_t": 1360,
  "size_x": 64,
  "size_y": 64,
  "size_z": 44,
  "snr": 5.7449972106890765,
  "spacing_tr": 4.0,
  "spacing_x": 2.96875,
  "spacing_y": 2.96875,
  "spacing_z": 3.0,
  "summary_bg_k": 72.31863667639963,
  "summary_bg_mad": 11.701655640069106,
  "summary_bg_mean": 40.06843566894531,
  "summary_bg_median": 25.51544189453125,
  "summary_bg_n": 105443.0,
  "summary_bg_p05": 13.58169183731079,
  "summary_bg_p95": 107.06331100463863,
  "summary_bg_stdv": 55.82277297973633,
  "summary_fg_k": 4.0691886832657485,
  "summary_fg_mad": 109.25359453731858,
  "summary_fg_mean": 738.8284301757812,
  "summary_fg_median": 725.74853515625,
  "summary_fg_n": 37333.0,
  "summary_fg_p05": 572.274560546875,
  "summary_fg_p95": 929.6731079101565,
  "summary_fg_stdv": 126.32535552978516,
  "tsnr": 30.33678317896556
}