{
  "aor": 0.0074366985294117656,
  "aqi": 0.07757797308823529,
  "bids_meta": {
    "AcquisitionMatrixPE": 64,
    "AcquisitionNumber": 1,
    "AcquisitionTime": "12:06:0.520000",
    "BandwidthPerPixelPhaseEncode": 60.096,
    "BodyPartExamined": "BRAIN",
    "CogAtlasID": "https://cognitiveatlas.org/task/id/trm_4c898f8f297ac/",
    "CoilString": "HeadNeck_MRPET",
    "ConversionSoftware": "dcm2niix",
    "ConversionSoftwareVersion": "v1.0.20190410  GCC6.3.0",
    "DerivedVendorReportedEchoSpacing": 0.000520001,
    "DeviceSerialNumber": "51066",
    "EchoTime": 0.03,
    "EchoTrainLength": 31,
    "EffectiveEchoSpacing": 0.000260001,
    "FlipAngle": 90,
    "ImageOrientationPatientDICOM": [
      1,
      -6.07874e-05,
      -0.000772183,
      2.57241e-08,
      0.996918,
      -0.0784456
    ],
    "ImageType": [
      "ORIGINAL",
      "PRIMARY",
      "M",
      "ND",
      "NORM",
      "MOSAIC"
    ],
    "ImagingFrequency": 123.239,
    "InPlanePhaseEncodingDirectionDICOM": "COL",
    "InstitutionAddress": "Blackburn_Road_770_Clayton_Victoria_AU_3168",
    "InstitutionName": "Monash_Biomedical_Imaging",
    "MRAcquisitionType": "2D",
    "MagneticFieldStrength": 3,
    "Manufacturer": "Siemens",
    "ManufacturersModelName": "Biograph_mMR",
    "Modality": "MR",
    "ParallelReductionFactorInPlane": 2,
    "PartialFourier": 0.96875,
    "PatientPosition": "HFS",
    "PercentPhaseFOV": 100,
    "PhaseEncodingDirection": "j-",
    "PixelBandwidth": 2300,
    "ProcedureStepDescription": "MR-PET_Scan",
    "ProtocolName": "Head_A-P_Full_checker_ep2D_task_bold_32-32",
    "ReceiveCoilActiveElements": "HEA;HEP",
    "ReconMatrixPE": 64,
    "RepetitionTime": 4,
    "ScanOptions": "FS",
    "ScanningSequence": "EP",
    "SequenceVariant": "SK",
    "SeriesDescription": "Head_A-P_Full_checker_ep2D_task_bold_32-32",
    "SeriesNumber": 18,
    "SliceThickness": 3,
    "SliceTiming": [
      0.00199,
      0.00199,
      0.00199,
      0.00199,
      0.00199,
      0.00199,
      0.00199,
      0.00199,
      0.00199,
      0.00199,
      0.00199,
      0.00199,
      0.00199,
      0.00199,
      0.00199,
      0.00199,
      0.00199,
      0.00199,
      0.00199,
      0.00199,
      0.00199,
      0.00199,
      0.00199,
      0.00199,
      0.00199,
      0.00199,
      0.00199,
      0.00199,
      0.00199,
      0.00199,
      0.00199,
      0.00199,
      0.00199,
      0.00199,
      0.00199,
      0.00199,
      0.00199,
      0.00199,
      0.00199,
      0.00199,
      0.00199,
      0.00199,
      0.00199,
      0.00199
    ],
    "SoftwareVersions": "syngo_MR_E11",
    "SpacingBetweenSlices": 3,
    "StationName": "MRC51066",
    "TaskName": "checkerboard",
    "TotalReadoutTime": 0.01638,
    "dataset": "ds003397",
    "modality": "bold",
    "run_id": 1,
    "subject_id": "01",
    "task_id": "checkerboard"
  },
  "dummy_trs": 0,
  "dvars_nstd": 53.171561497299436,
  "dvars_std": 0.9763739276821183,
  "dvars_vstd": 0.9572481374687272,
  "efc": 0.5673740680531352,
  "fber": 724.8809204101562,
  "fd_mean": 0.7143658643013683,
  "fd_num": 801,
  "fd_perc": 58.89705882352941,
  "fwhm_avg": 1.8101520701754386,
  "fwhm_x": 1.669237894736842,
  "fwhm_y": 2.007198315789474,
  "fwhm_z": 1.75402,
  "gcor": 0.0628591,
  "gsr_x": 0.0035565844736993313,
  "gsr_y": 0.03768642991781235,
  "provenance": {
    "md5sum": "cf4dcbeaf7ce38188063962b4b7af41f",
    "settings": {
      "fd_thres": 0.2,
      "testing": false
    },
    "software": "mriqc",
    "version": "22.0.6",
    "webapi_port": null,
    "webapi_url": "https://mriqc.nimh.nih.gov/api/v1"
  },
  "size_t": 1360,
  "size_x": 64,
  "size_y": 64,
  "size_z": 44,
  "snr": 6.0364739962868255,
  "spacing_tr": 4.0,
  "spacing_x": 2.96875,
  "spacing_y": 2.96875,
  "spacing_z": 3.0,
  "summary_bg_k": 53.12861600843922,
  "summary_bg_mad": 15.597846991869226,
  "summary_bg_mean": 44.60200119018555,
  "summary_bg_median": 27.627206802368164,
  "summary_bg_n": 102229.0,
  "summary_bg_p05": 13.433823585510254,
  "summary_bg_p95": 122.46764678955071,
  "summary_bg_stdv": 56.39196014404297,
  "summary_fg_k": 3.178315216044272,
  "summary_fg_mad": 108.0430078381506,
  "summary_fg_mean": 745.1492919921875,
  "summary_fg_median": 734.5283203125,
  "summary_fg_n": 39940.0,
  "summary_fg_p05": 579.6541931152344,
  "summary_fg_p95": 937.6652099609374,
  "summary_fg_stdv": 121.68016052246094,
  "tsnr": 19.452672506857198
}