{
  "aor": 0.0010620735294117648,
  "aqi": 0.036657948455882355,
  "bids_meta": {
    "AcquisitionMatrixPE": 64,
    "AcquisitionNumber": 1,
    "AcquisitionTime": "14:03:41.750000",
    "BandwidthPerPixelPhaseEncode": 60.096,
    "BodyPartExamined": "BRAIN",
    "CogAtlasID": "https://cognitiveatlas.org/task/id/trm_4c898f8f297ac/",
    "CoilString": "HeadNeck_MRPET",
    "ConversionSoftware": "dcm2niix",
    "ConversionSoftwareVersion": "v1.0.20190410  GCC6.3.0",
    "DerivedVendorReportedEchoSpacing": 0.000520001,
    "DeviceSerialNumber": "51066",
    "EchoTime": 0.03,
    "EchoTrainLength": 31,
    "EffectiveEchoSpacing": 0.000260001,
    "FlipAngle": 90,
    "ImageOrientationPatientDICOM": [
      0.99945,
      0.0331552,
      0,
      -0.0331552,
      0.99945,
      0
    ],
    "ImageType": [
      "ORIGINAL",
      "PRIMARY",
      "M",
      "ND",
      "NORM",
      "MOSAIC"
    ],
    "ImagingFrequency": 123.239,
    "InPlanePhaseEncodingDirectionDICOM": "COL",
    "InstitutionAddress": "Blackburn_Road_770_Clayton_Victoria_AU_3168",
    "InstitutionName": "Monash_Biomedical_Imaging",
    "MRAcquisitionType": "2D",
    "MagneticFieldStrength": 3,
    "Manufacturer": "Siemens",
    "ManufacturersModelName": "Biograph_mMR",
    "Modality": "MR",
    "ParallelReductionFactorInPlane": 2,
    "PartialFourier": 0.96875,
    "PatientPosition": "HFS",
    "PercentPhaseFOV": 100,
    "PhaseEncodingDirection": "j-",
    "PixelBandwidth": 2300,
    "ProcedureStepDescription": "MR-PET_Scan",
    "ProtocolName": "Head_A-P_Full_checker_ep2D_task_bold_32-32",
    "ReceiveCoilActiveElements": "HEA;HEP",
    "ReconMatrixPE": 64,
    "RepetitionTime": 4,
    "ScanOptions": "FS",
    "ScanningSequence": "EP",
    "SequenceVariant": "SK",
    "SeriesDescription": "Head_A-P_Full_checker_ep2D_task_bold_32-32",
    "SeriesNumber": 18,
    "SliceThickness": 3,
    "SliceTiming": [
      0.00199,
      0.00199,
      0.00199,
      0.00199,
      0.00199,
      0.00199,
      0.00199,
      0.00199,
      0.00199,
      0.00199,
      0.00199,
      0.00199,
      0.00199,
      0.00199,
      0.00199,
      0.00199,
      0.00199,
      0.00199,
      0.00199,
      0.00199,
      0.00199,
      0.00199,
      0.00199,
      0.00199,
      0.00199,
      0.00199,
      0.00199,
      0.00199,
      0.00199,
      0.00199,
      0.00199,
      0.00199,
      0.00199,
      0.00199,
      0.00199,
      0.00199,
      0.00199,
      0.00199,
      0.00199,
      0.00199,
      0.00199,
      0.00199,
      0.00199,
      0.00199
    ],
    "SoftwareVersions": "syngo_MR_E11",
    "SpacingBetweenSlices": 3,
    "StationName": "MRC51066",
    "TaskName": "checkerboard",
    "TotalReadoutTime": 0.01638,
    "dataset": "ds003397",
    "modality": "bold",
    "run_id": 1,
    "subject_id": "08",
    "task_id": "checkerboard"
  },
  "dummy_trs": 0,
  "dvars_nstd": 39.00042067498897,
  "dvars_std": 1.0410557257395148,
  "dvars_vstd": 0.9618316756585723,
  "efc": 0.5789232802281316,
  "fber": 899.7188110351562,
  "fd_mean": 0.3056257600207358,
  "fd_num": 702,
  "fd_perc": 51.61764705882353,
  "fwhm_avg": 1.7325493918128654,
  "fwhm_x": 1.6184858947368421,
  "fwhm_y": 1.917338947368421,
  "fwhm_z": 1.6618233333333334,
  "gcor": 0.0235366,
  "gsr_x": -0.0007414938881993294,
  "gsr_y": 0.031894151121377945,
  "provenance": {
    "md5sum": "f0c39987e9b8755c1fe569c663525a8d",
    "settings": {
      "fd_thres": 0.2,
      "testing": false
    },
    "software": "mriqc",
    "version": "22.0.6",
    "webapi_port": null,
    "webapi_url": "https://mriqc.nimh.nih.gov/api/v1"
  },
  "size_t": 1360,
  "size_x": 64,
  "size_y": 64,
  "size_z": 44,
  "snr": 6.110734405840381,
  "spacing_tr": 4.0,
  "spacing_x": 2.96875,
  "spacing_y": 2.96875,
  "spacing_z": 3.0,
  "summary_bg_k": 31.934501514053373,
  "summary_bg_mad": 16.872230452931497,
  "summary_bg_mean": 43.507118225097656,
  "summary_bg_median": 24.791545867919922,
  "summary_bg_n": 98422.0,
  "summary_bg_p05": 9.75738959312439,
  "summary_bg_p95": 140.0625061035155,
  "summary_bg_stdv": 58.452213287353516,
  "summary_fg_k": 3.223771571273188,
  "summary_fg_mad": 107.38731108062548,
  "summary_fg_mean": 729.6304321289062,
  "summary_fg_median": 718.5882568359375,
  "summary_fg_n": 43157.0,
  "summary_fg_p05": 570.491796875,
  "summary_fg_p95": 915.4307617187497,
  "summary_fg_stdv": 117.59305572509766,
  "tsnr": 28.697534623672254
}