{
  "aor": 0.004302639705882353,
  "aqi": 0.052069427647058825,
  "bids_meta": {
    "AcquisitionMatrixPE": 64,
    "AcquisitionNumber": 1,
    "AcquisitionTime": "11:09:2.850000",
    "BandwidthPerPixelPhaseEncode": 60.096,
    "BodyPartExamined": "BRAIN",
    "CogAtlasID": "https://cognitiveatlas.org/task/id/trm_4c898f8f297ac/",
    "CoilString": "HeadNeck_MRPET",
    "ConversionSoftware": "dcm2niix",
    "ConversionSoftwareVersion": "v1.0.20190410  GCC6.3.0",
    "DerivedVendorReportedEchoSpacing": 0.000520001,
    "DeviceSerialNumber": "51066",
    "EchoTime": 0.03,
    "EchoTrainLength": 31,
    "EffectiveEchoSpacing": 0.000260001,
    "FlipAngle": 90,
    "ImageOrientationPatientDICOM": [
      0.998722,
      0.00599587,
      0.0501818,
      -4.54426e-08,
      0.992938,
      -0.118638
    ],
    "ImageType": [
      "ORIGINAL",
      "PRIMARY",
      "M",
      "ND",
      "NORM",
      "MOSAIC"
    ],
    "ImagingFrequency": 123.239,
    "InPlanePhaseEncodingDirectionDICOM": "COL",
    "InstitutionAddress": "Blackburn_Road_770_Clayton_Victoria_AU_3168",
    "InstitutionName": "MONASH_BIOMEDICAL_IMAGING",
    "MRAcquisitionType": "2D",
    "MagneticFieldStrength": 3,
    "Manufacturer": "Siemens",
    "ManufacturersModelName": "Biograph_mMR",
    "Modality": "MR",
    "ParallelReductionFactorInPlane": 2,
    "PartialFourier": 0.96875,
    "PatientPosition": "HFS",
    "PercentPhaseFOV": 100,
    "PhaseEncodingDirection": "j-",
    "PixelBandwidth": 2300,
    "ProcedureStepDescription": "MR-PET_Scan",
    "ProtocolName": "Head_A-P_Full_checker_ep2D_task_bold_32-32",
    "ReceiveCoilActiveElements": "HEA;HEP",
    "ReconMatrixPE": 64,
    "RepetitionTime": 4,
    "ScanOptions": "FS",
    "ScanningSequence": "EP",
    "SequenceVariant": "SK",
    "SeriesDescription": "Head_A-P_Full_checker_ep2D_task_bold_32-32",
    "SeriesNumber": 19,
    "SliceThickness": 3,
    "SliceTiming": [
      0.00199,
      0.00199,
      0.00199,
      0.00199,
      0.00199,
      0.00199,
      0.00199,
      0.00199,
      0.00199,
      0.00199,
      0.00199,
      0.00199,
      0.00199,
      0.00199,
      0.00199,
      0.00199,
      0.00199,
      0.00199,
      0.00199,
      0.00199,
      0.00199,
      0.00199,
      0.00199,
      0.00199,
      0.00199,
      0.00199,
      0.00199,
      0.00199,
      0.00199,
      0.00199,
      0.00199,
      0.00199,
      0.00199,
      0.00199,
      0.00199,
      0.00199,
      0.00199,
      0.00199,
      0.00199,
      0.00199,
      0.00199,
      0.00199,
      0.00199,
      0.00199
    ],
    "SoftwareVersions": "syngo_MR_E11",
    "SpacingBetweenSlices": 3,
    "StationName": "MRC51066",
    "TaskName": "checkerboard",
    "TotalReadoutTime": 0.01638,
    "dataset": "ds003397",
    "modality": "bold",
    "run_id": 1,
    "subject_id": "10",
    "task_id": "checkerboard"
  },
  "dummy_trs": 0,
  "dvars_nstd": 36.77792677127307,
  "dvars_std": 0.9312507061295059,
  "dvars_vstd": 0.9143606875643869,
  "efc": 0.5674913003642789,
  "fber": 1256.893798828125,
  "fd_mean": 0.38058005184209326,
  "fd_num": 426,
  "fd_perc": 31.323529411764707,
  "fwhm_avg": 1.7379652631578946,
  "fwhm_x": 1.6113751578947366,
  "fwhm_y": 1.8999006315789473,
  "fwhm_z": 1.7026199999999998,
  "gcor": 0.0167676,
  "gsr_x": 0.008630665950477123,
  "gsr_y": 0.03817272186279297,
  "provenance": {
    "md5sum": "394da7574237ca8d2b6019a4fa78b017",
    "settings": {
      "fd_thres": 0.2,
      "testing": false
    },
    "software": "mriqc",
    "version": "22.0.6",
    "webapi_port": null,
    "webapi_url": "https://mriqc.nimh.nih.gov/api/v1"
  },
  "size_t": 1360,
  "size_x": 64,
  "size_y": 64,
  "size_z": 44,
  "snr": 6.219906833547731,
  "spacing_tr": 4.0,
  "spacing_x": 2.96875,
  "spacing_y": 2.96875,
  "spacing_z": 3.0,
  "summary_bg_k": 35.8585953417446,
  "summary_bg_mad": 12.408072523538586,
  "summary_bg_mean": 46.17274856567383,
  "summary_bg_median": 21.129411697387695,
  "summary_bg_n": 101552.0,
  "summary_bg_p05": 9.907353401184082,
  "summary_bg_p95": 168.07165603637696,
  "summary_bg_stdv": 70.95000457763672,
  "summary_fg_k": 2.5173531657410946,
  "summary_fg_mad": 118.00482968431254,
  "summary_fg_mean": 766.917236328125,
  "summary_fg_median": 757.570556640625,
  "summary_fg_n": 40200.0,
  "summary_fg_p05": 594.2831451416016,
  "summary_fg_p95": 960.7884887695312,
  "summary_fg_stdv": 121.79621887207031,
  "tsnr": 26.523820427129976
}