{
  "aor": 0.0006844926470588235,
  "aqi": 0.04174995205882353,
  "bids_meta": {
    "AcquisitionMatrixPE": 64,
    "AcquisitionNumber": 1,
    "AcquisitionTime": "11:41:14.017500",
    "BandwidthPerPixelPhaseEncode": 60.096,
    "BodyPartExamined": "BRAIN",
    "CogAtlasID": "https://cognitiveatlas.org/task/id/trm_4c898f8f297ac/",
    "CoilString": "HeadNeck_MRPET",
    "ConversionSoftware": "dcm2niix",
    "ConversionSoftwareVersion": "v1.0.20190410  GCC6.3.0",
    "DerivedVendorReportedEchoSpacing": 0.000520001,
    "DeviceSerialNumber": "51066",
    "EchoTime": 0.03,
    "EchoTrainLength": 31,
    "EffectiveEchoSpacing": 0.000260001,
    "FlipAngle": 90,
    "ImageOrientationPatientDICOM": [
      0.999489,
      0.00472789,
      0.0316134,
      3.25653e-08,
      0.989001,
      -0.147909
    ],
    "ImageType": [
      "ORIGINAL",
      "PRIMARY",
      "M",
      "ND",
      "NORM",
      "MOSAIC"
    ],
    "ImagingFrequency": 123.239,
    "InPlanePhaseEncodingDirectionDICOM": "COL",
    "InstitutionAddress": "Blackburn_Road_770_Clayton_Victoria_AU_3168",
    "InstitutionName": "MONASH_BIOMEDICAL_IMAGING",
    "MRAcquisitionType": "2D",
    "MagneticFieldStrength": 3,
    "Manufacturer": "Siemens",
    "ManufacturersModelName": "Biograph_mMR",
    "Modality": "MR",
    "ParallelReductionFactorInPlane": 2,
    "PartialFourier": 0.96875,
    "PatientPosition": "HFS",
    "PercentPhaseFOV": 100,
    "PhaseEncodingDirection": "j-",
    "PixelBandwidth": 2300,
    "ProcedureStepDescription": "MR-PET_Scan",
    "ProtocolName": "Head_A-P_Full_checker_ep2D_task_bold_32-32",
    "ReceiveCoilActiveElements": "HEA;HEP",
    "ReconMatrixPE": 64,
    "RepetitionTime": 4,
    "ScanOptions": "FS",
    "ScanningSequence": "EP",
    "SequenceVariant": "SK",
    "SeriesDescription": "Head_A-P_Full_checker_ep2D_task_bold_32-32",
    "SeriesNumber": 19,
    "SliceThickness": 3,
    "SliceTiming": [
      0.0019875,
      0.0019875,
      0.0019875,
      0.0019875,
      0.0019875,
      0.0019875,
      0.0019875,
      0.0019875,
      0.0019875,
      0.0019875,
      0.0019875,
      0.0019875,
      0.0019875,
      0.0019875,
      0.0019875,
      0.0019875,
      0.0019875,
      0.0019875,
      0.0019875,
      0.0019875,
      0.0019875,
      0.0019875,
      0.0019875,
      0.0019875,
      0.0019875,
      0.0019875,
      0.0019875,
      0.0019875,
      0.0019875,
      0.0019875,
      0.0019875,
      0.0019875,
      0.0019875,
      0.0019875,
      0.0019875,
      0.0019875,
      0.0019875,
      0.0019875,
      0.0019875,
      0.0019875,
      0.0019875,
      0.0019875,
      0.0019875,
      0.0019875
    ],
    "SoftwareVersions": "syngo_MR_E11",
    "SpacingBetweenSlices": 3,
    "StationName": "MRC51066",
    "TaskName": "checkerboard",
    "TotalReadoutTime": 0.01638,
    "dataset": "ds003397",
    "modality": "bold",
    "run_id": 1,
    "subject_id": "11",
    "task_id": "checkerboard"
  },
  "dummy_trs": 0,
  "dvars_nstd": 34.50752252275933,
  "dvars_std": 1.027184573267108,
  "dvars_vstd": 0.9703813345253867,
  "efc": 0.5265138793605915,
  "fber": 1149.2745361328125,
  "fd_mean": 0.1737089148877578,
  "fd_num": 308,
  "fd_perc": 22.647058823529413,
  "fwhm_avg": 1.6873325263157897,
  "fwhm_x": 1.6039949473684212,
  "fwhm_y": 1.8389726315789474,
  "fwhm_z": 1.6190300000000002,
  "gcor": 0.0141785,
  "gsr_x": 0.003654623404145241,
  "gsr_y": 0.028558239340782166,
  "provenance": {
    "md5sum": "48f3166fa9c0578bd0f4c6eb67069b1c",
    "settings": {
      "fd_thres": 0.2,
      "testing": false
    },
    "software": "mriqc",
    "version": "22.0.6",
    "webapi_port": null,
    "webapi_url": "https://mriqc.nimh.nih.gov/api/v1"
  },
  "size_t": 1360,
  "size_x": 64,
  "size_y": 64,
  "size_z": 44,
  "snr": 6.527392860751486,
  "spacing_tr": 4.0,
  "spacing_x": 2.96875,
  "spacing_y": 2.96875,
  "spacing_z": 3.0,
  "summary_bg_k": 37.87480702643337,
  "summary_bg_mad": 11.744170790242526,
  "summary_bg_mean": 36.87666702270508,
  "summary_bg_median": 20.51764678955078,
  "summary_bg_n": 110203.0,
  "summary_bg_p05": 9.21176528930664,
  "summary_bg_p95": 116.80198516845698,
  "summary_bg_stdv": 56.03413391113281,
  "summary_fg_k": 2.106995951100358,
  "summary_fg_mad": 103.46331075700685,
  "summary_fg_mean": 700.267578125,
  "summary_fg_median": 692.804443359375,
  "summary_fg_n": 33388.0,
  "summary_fg_p05": 550.0114135742188,
  "summary_fg_p95": 868.6557739257812,
  "summary_fg_stdv": 106.13641357421875,
  "tsnr": 29.274199567735195
}