{
  "aor": 0.0035566544117647055,
  "aqi": 0.03351131058823529,
  "bids_meta": {
    "AcquisitionMatrixPE": 64,
    "AcquisitionNumber": 1,
    "AcquisitionTime": "11:01:34.285000",
    "BandwidthPerPixelPhaseEncode": 60.096,
    "BodyPartExamined": "BRAIN",
    "CogAtlasID": "https://cognitiveatlas.org/task/id/trm_4c898f8f297ac/",
    "CoilString": "HeadNeck_MRPET",
    "ConversionSoftware": "dcm2niix",
    "ConversionSoftwareVersion": "v1.0.20190410  GCC6.3.0",
    "DerivedVendorReportedEchoSpacing": 0.000520001,
    "DeviceSerialNumber": "51066",
    "EchoTime": 0.03,
    "EchoTrainLength": 31,
    "EffectiveEchoSpacing": 0.000260001,
    "FlipAngle": 90,
    "ImageOrientationPatientDICOM": [
      0.999658,
      6.11186e-09,
      0.026141,
      6.11186e-09,
      1,
      -4.67527e-07
    ],
    "ImageType": [
      "ORIGINAL",
      "PRIMARY",
      "M",
      "ND",
      "NORM",
      "MOSAIC"
    ],
    "ImagingFrequency": 123.239,
    "InPlanePhaseEncodingDirectionDICOM": "COL",
    "InstitutionAddress": "Blackburn_Road_770_Clayton_Victoria_AU_3168",
    "InstitutionName": "MONASH_BIOMEDICAL_IMAGING",
    "MRAcquisitionType": "2D",
    "MagneticFieldStrength": 3,
    "Manufacturer": "Siemens",
    "ManufacturersModelName": "Biograph_mMR",
    "Modality": "MR",
    "ParallelReductionFactorInPlane": 2,
    "PartialFourier": 0.96875,
    "PatientPosition": "HFS",
    "PercentPhaseFOV": 100,
    "PhaseEncodingDirection": "j-",
    "PixelBandwidth": 2300,
    "ProcedureStepDescription": "MR-PET_Scan",
    "ProtocolName": "Head_A-P_Full_checker_ep2D_task_bold_32-32",
    "ReceiveCoilActiveElements": "HEA;HEP",
    "ReconMatrixPE": 64,
    "RepetitionTime": 4,
    "ScanOptions": "FS",
    "ScanningSequence": "EP",
    "SequenceVariant": "SK",
    "SeriesDescription": "Head_A-P_Full_checker_ep2D_task_bold_32-32",
    "SeriesNumber": 18,
    "SliceThickness": 3,
    "SliceTiming": [
      0.00199,
      0.00199,
      0.00199,
      0.00199,
      0.00199,
      0.00199,
      0.00199,
      0.00199,
      0.00199,
      0.00199,
      0.00199,
      0.00199,
      0.00199,
      0.00199,
      0.00199,
      0.00199,
      0.00199,
      0.00199,
      0.00199,
      0.00199,
      0.00199,
      0.00199,
      0.00199,
      0.00199,
      0.00199,
      0.00199,
      0.00199,
      0.00199,
      0.00199,
      0.00199,
      0.00199,
      0.00199,
      0.00199,
      0.00199,
      0.00199,
      0.00199,
      0.00199,
      0.00199,
      0.00199,
      0.00199,
      0.00199,
      0.00199,
      0.00199,
      0.00199
    ],
    "SoftwareVersions": "syngo_MR_E11",
    "SpacingBetweenSlices": 3,
    "StationName": "MRC51066",
    "TaskName": "checkerboard",
    "TotalReadoutTime": 0.01638,
    "dataset": "ds003397",
    "modality": "bold",
    "run_id": 1,
    "subject_id": "05",
    "task_id": "checkerboard"
  },
  "dummy_trs": 0,
  "dvars_nstd": 32.70343416585731,
  "dvars_std": 1.0970109651802795,
  "dvars_vstd": 0.9805180398381147,
  "efc": 0.6066869042870419,
  "fber": 1261.5765380859375,
  "fd_mean": 0.094221430485917,
  "fd_num": 98,
  "fd_perc": 7.205882352941177,
  "fwhm_avg": 1.7379926432748538,
  "fwhm_x": 1.6339772631578946,
  "fwhm_y": 1.8842240000000001,
  "fwhm_z": 1.6957766666666665,
  "gcor": 0.0131629,
  "gsr_x": 0.01058748085051775,
  "gsr_y": 0.045723576098680496,
  "provenance": {
    "md5sum": "b2b32908a7bd08d03764558399d60074",
    "settings": {
      "fd_thres": 0.2,
      "testing": false
    },
    "software": "mriqc",
    "version": "22.0.6",
    "webapi_port": null,
    "webapi_url": "https://mriqc.nimh.nih.gov/api/v1"
  },
  "size_t": 1360,
  "size_x": 64,
  "size_y": 64,
  "size_z": 44,
  "snr": 5.854344178551972,
  "spacing_tr": 4.0,
  "spacing_x": 2.96875,
  "spacing_y": 2.96875,
  "spacing_z": 3.0,
  "summary_bg_k": 25.171500111534826,
  "summary_bg_mad": 12.689330835675573,
  "summary_bg_mean": 49.33269500732422,
  "summary_bg_median": 21.707353591918945,
  "summary_bg_n": 91401.0,
  "summary_bg_p05": 10.699264526367188,
  "summary_bg_p95": 191.8625030517578,
  "summary_bg_stdv": 74.43623352050781,
  "summary_fg_k": 3.0439906908809586,
  "summary_fg_mad": 119.29283131255346,
  "summary_fg_mean": 795.752685546875,
  "summary_fg_median": 781.502197265625,
  "summary_fg_n": 48881.0,
  "summary_fg_p05": 611.5720825195312,
  "summary_fg_p95": 1010.81103515625,
  "summary_fg_stdv": 133.4896240234375,
  "tsnr": 36.18863772484474
}